GEM
  remote: http://rubygems.org/
  specs:
    gosu (0.7.44)
    gosu (0.7.44-x86-mingw32)

PLATFORMS
  ruby
  x86-mingw32

DEPENDENCIES
  gosu
